GEM
  remote: http://rubygems.org/
  specs:
    gosu (0.14.5-x64-mingw32)

PLATFORMS
  x64-mingw32

DEPENDENCIES
  gosu (= 0.14.5)

RUBY VERSION
   ruby 2.4.3p205

BUNDLED WITH
   1.16.1
