GEM
  remote: http://rubygems.org/
  specs:
    gosu (1.4.6)

PLATFORMS
  arm64-darwin-23
  ruby

DEPENDENCIES
  gosu

RUBY VERSION
   ruby 3.3.1p55

BUNDLED WITH
   2.5.9
